GEM
  remote: https://rubygems.org/
  specs:
    ashton (0.1.3)
      gosu (~> 0.7.45)
      opengl (~> 0.8.0.pre1)
    gosu (0.7.50)
    opengl (0.8.0)

PLATFORMS
  ruby

DEPENDENCIES
  ashton (= 0.1.3)
  gosu (= 0.7.50)
